GIT
  remote: git://github.com/ruby-rdf/rdf-spec.git
  revision: a09c6934287885bd161cb0cf28b972a22c50583c
  specs:
    rdf-spec (0.3.7)
      rspec (>= 2.8.0)

PATH
  remote: .
  specs:
    rdf (0.3.7)
      addressable (>= 2.2.6)

GEM
  remote: http://rubygems.org/
  specs:
    addressable (2.3.2)
    diff-lcs (1.1.3)
    rake (0.9.2.2)
    rspec (2.11.0)
      rspec-core (~> 2.11.0)
      rspec-expectations (~> 2.11.0)
      rspec-mocks (~> 2.11.0)
    rspec-core (2.11.1)
    rspec-expectations (2.11.2)
      diff-lcs (~> 1.1.3)
    rspec-mocks (2.11.2)
    wirble (0.1.3)
    yard (0.8.2.1)

PLATFORMS
  java
  ruby

DEPENDENCIES
  rake
  rdf!
  rdf-spec!
  rspec (>= 2.8.0)
  wirble
  yard (>= 0.7.5)
