PATH
  remote: .
  specs:
    rdf (0.3.7)
      addressable (>= 2.2.6)

PATH
  remote: ../rdf-spec
  specs:
    rdf-spec (0.3.6)
      rspec (>= 2.8.0)

GEM
  remote: http://rubygems.org/
  specs:
    addressable (2.2.8)
    diff-lcs (1.1.3)
    rspec (2.10.0)
      rspec-core (~> 2.10.0)
      rspec-expectations (~> 2.10.0)
      rspec-mocks (~> 2.10.0)
    rspec-core (2.10.1)
    rspec-expectations (2.10.0)
      diff-lcs (~> 1.1.3)
    rspec-mocks (2.10.1)
    wirble (0.1.3)
    yard (0.8.2.1)

PLATFORMS
  java
  ruby

DEPENDENCIES
  rdf!
  rdf-spec!
  rspec (>= 2.8.0)
  wirble
  yard (>= 0.7.5)
