PATH
  remote: .
  specs:
    rdf (0.3.5)
      addressable (>= 2.2.6)

PATH
  remote: ../rdf-spec
  specs:
    rdf-spec (0.3.5)
      rspec (>= 2.8.0)

GEM
  remote: http://rubygems.org/
  specs:
    addressable (2.2.6)
    diff-lcs (1.1.3)
    rspec (2.8.0)
      rspec-core (~> 2.8.0)
      rspec-expectations (~> 2.8.0)
      rspec-mocks (~> 2.8.0)
    rspec-core (2.8.0)
    rspec-expectations (2.8.0)
      diff-lcs (~> 1.1.2)
    rspec-mocks (2.8.0)
    wirble (0.1.3)
    yard (0.7.5)

PLATFORMS
  java
  ruby

DEPENDENCIES
  rdf!
  rdf-spec!
  rspec (>= 2.8.0)
  wirble
  yard (>= 0.7.5)
