GIT
  remote: git://github.com/ruby-rdf/rdf-spec.git
  revision: 199007138fdd82dec0dab1274d33dddc92b73ed4
  specs:
    rdf-spec (0.3.8)
      rspec (>= 2.8.0)

PATH
  remote: .
  specs:
    rdf (0.3.9)
      addressable (>= 2.2.6)

GEM
  remote: http://rubygems.org/
  specs:
    addressable (2.3.2)
    diff-lcs (1.1.3)
    rake (0.9.2.2)
    rspec (2.11.0)
      rspec-core (~> 2.11.0)
      rspec-expectations (~> 2.11.0)
      rspec-mocks (~> 2.11.0)
    rspec-core (2.11.1)
    rspec-expectations (2.11.3)
      diff-lcs (~> 1.1.3)
    rspec-mocks (2.11.3)
    wirble (0.1.3)
    yard (0.8.3)

PLATFORMS
  java
  ruby

DEPENDENCIES
  rake
  rdf!
  rdf-spec!
  rspec (>= 2.8.0)
  wirble
  yard (>= 0.7.5)
