GIT
  remote: git://github.com/ruby-rdf/rdf-spec.git
  revision: a64e5ff9c74d5993a0ddb65460183ffceab9a773
  specs:
    rdf-spec (0.3.10)
      rspec (>= 2.8.0)

PATH
  remote: .
  specs:
    rdf (0.3.10)
      addressable (>= 2.2.6)

GEM
  remote: http://rubygems.org/
  specs:
    addressable (2.3.2)
    diff-lcs (1.1.3)
    rake (10.0.2)
    rspec (2.12.0)
      rspec-core (~> 2.12.0)
      rspec-expectations (~> 2.12.0)
      rspec-mocks (~> 2.12.0)
    rspec-core (2.12.0)
    rspec-expectations (2.12.0)
      diff-lcs (~> 1.1.3)
    rspec-mocks (2.12.0)
    wirble (0.1.3)
    yard (0.8.3)

PLATFORMS
  java
  ruby

DEPENDENCIES
  rake
  rdf!
  rdf-spec!
  rspec (>= 2.8.0)
  wirble
  yard (>= 0.7.5)
